GEM
  remote: https://rubygems.org/
  specs:
    CFPropertyList (3.0.1)
    activesupport (6.0.6)
      concurrent-ruby (~> 1.0, >= 1.0.2)
      i18n (>= 0.7, < 2)
      minitest (~> 5.1)
      tzinfo (~> 1.1)
      zeitwerk (~> 2.2, >= 2.2.2)
    atomos (0.1.3)
    claide (1.0.3)
    clamp (1.3.1)
    colored2 (3.1.2)
    concurrent-ruby (1.1.5)
    i18n (0.9.5)
      concurrent-ruby (~> 1.0)
    mini_portile2 (2.8.0)
    minitest (5.16.3)
    nanaimo (0.2.6)
    nokogiri (1.13.9)
      mini_portile2 (~> 2.8.0)
      racc (~> 1.4)
    racc (1.6.0)
    slather (2.7.1)
      CFPropertyList (>= 2.2, < 4)
      activesupport
      clamp (~> 1.3)
      nokogiri (~> 1.11)
      xcodeproj (~> 1.7)
    thread_safe (0.3.6)
    tzinfo (1.2.10)
      thread_safe (~> 0.1)
    xcodeproj (1.17.0)
      CFPropertyList (>= 2.3.3, < 4.0)
      atomos (~> 0.1.3)
      claide (>= 1.0.2, < 2.0)
      colored2 (~> 3.1)
      nanaimo (~> 0.2.6)
    zeitwerk (2.6.1)

PLATFORMS
  ruby

DEPENDENCIES
  slather

BUNDLED WITH
   2.1.4
